GIT
  remote: git://github.com/JEG2/highline.git
  revision: dd24069896e07c1b946ee033845ceb0038454f32
  ref: dd24069896e07c1b946ee033845ceb0038454f32
  specs:
    highline (1.6.19)

GIT
  remote: git://github.com/halfnelson/ansicolor.git
  revision: a83266abd63e52bdbaada91f07ae2164e316e79f
  specs:
    ansicolor (1.1-java)

GIT
  remote: git://github.com/halfnelson/rjgit
  revision: 295f5ad0877879dc02620699476a6bdf0b5cbd6d
  branch: master
  specs:
    rjgit (0.1.0)
      mime-types (~> 1.15)

GIT
  remote: git://github.com/jarib/childprocess.git
  revision: de74f3dc3b8fa2a6c250e1ebcaf4536d85b77894
  branch: v0.3.9
  specs:
    childprocess (0.3.9)
      ffi (~> 1.0, >= 1.0.11)

GEM
  remote: https://rubygems.org/
  specs:
    commander (4.1.3)
      highline (~> 1.6.11)
    config_spartan (1.0.1)
      hashie
    ffi (1.9.3)
    ffi (1.9.3-java)
    ffi (1.9.3-x86-mingw32)
    hashie (2.0.5)
    mime-types (1.23)
    ruby-progressbar (1.1.1)
    rubyzip (0.9.9)

PLATFORMS
  java
  x86-mingw32

DEPENDENCIES
  ansicolor!
  childprocess!
  commander
  config_spartan
  highline!
  rjgit!
  ruby-progressbar
  rubyzip
